PATH
  remote: .
  specs:
    hpb-web3 (0.3.0)

GEM
  remote: https://rubygems.org/
  specs:
    diff-lcs (1.3)
    digest-sha3 (1.1.0)
    rake (13.0.1)
    rlp (0.7.3)
    rspec (3.9.0)
      rspec-core (~> 3.9.0)
      rspec-expectations (~> 3.9.0)
      rspec-mocks (~> 3.9.0)
    rspec-core (3.9.1)
      rspec-support (~> 3.9.1)
    rspec-expectations (3.9.0)
      diff-lcs (>= 1.2.0, < 2.0)
      rspec-support (~> 3.9.0)
    rspec-mocks (3.9.1)
      diff-lcs (>= 1.2.0, < 2.0)
      rspec-support (~> 3.9.0)
    rspec-support (3.9.2)

PLATFORMS
  ruby

DEPENDENCIES
  bundler (~> 2.0)
  digest-sha3 (~> 1.1.0)
  hpb-web3!
  rake (~> 13.0)
  rlp (~> 0.7.3)
  rspec (~> 3.0)

BUNDLED WITH
   2.0.2
